GEM
  remote: http://rubygems.org/
  specs:
    activesupport (3.2.11)
      i18n (~> 0.6)
      multi_json (~> 1.0)
    blather (0.8.2)
      activesupport (>= 2.3.11)
      eventmachine (>= 1.0.0)
      girl_friday
      niceogiri (~> 1.0)
      nokogiri (~> 1.5, >= 1.5.6)
    connection_pool (1.0.0)
    eventmachine (1.0.0)
    girl_friday (0.11.2)
      connection_pool (~> 1.0)
      rubinius-actor
    i18n (0.6.1)
    multi_json (1.5.0)
    niceogiri (1.1.1)
      nokogiri (~> 1.5)
    nokogiri (1.5.6)
    rubinius-actor (0.0.2)
      rubinius-core-api
    rubinius-core-api (0.0.1)

PLATFORMS
  ruby

DEPENDENCIES
  blather
